GEM
  remote: http://rubygems.org/
  specs:
    activesupport (3.2.8)
      i18n (~> 0.6)
      multi_json (~> 1.0)
    coffee-script (2.2.0)
      coffee-script-source
      execjs
    coffee-script-source (1.4.0)
    execjs (1.4.0)
      multi_json (~> 1.0)
    haml (3.1.7)
    i18n (0.6.1)
    libv8 (3.3.10.4)
    multi_json (1.3.6)
    rack (1.4.1)
    rack-test (0.6.2)
      rack (>= 1.0)
    sass (3.2.1)
    serve (1.5.1)
      activesupport (~> 3.0)
      i18n
      rack (~> 1.2)
      rack-test (~> 0.5)
      tilt (~> 1.3)
      tzinfo
    therubyracer (0.10.2)
      libv8 (~> 3.3.10)
    tilt (1.3.3)
    tzinfo (0.3.33)

PLATFORMS
  ruby

DEPENDENCIES
  coffee-script
  haml
  sass
  serve
  therubyracer
